{
  "bids_meta": {
    "AcquisitionMatrixPE": 192,
    "AcquisitionNumber": 1,
    "AcquisitionTime": "14:38:21.245000",
    "BaseResolution": 192,
    "BodyPartExamined": "HEAD",
    "ConsistencyInfo": "N4_VE11B_LATEST_20150530",
    "ConversionSoftware": "dcm2niix",
    "ConversionSoftwareVersion": "v1.0.20171215 Clang7.3.0",
    "DeviceSerialNumber": "66072",
    "DwellTime": 4.4e-06,
    "EchoTime": 0.00204,
    "FlipAngle": 8,
    "ImageOrientationPatientDICOM": [
      0,
      1,
      -0.000174522,
      0,
      -0.000174522,
      -1
    ],
    "ImageType": [
      "ORIGINAL",
      "PRIMARY",
      "M",
      "ND",
      "NORM"
    ],
    "InPlanePhaseEncodingDirectionDICOM": "ROW",
    "InstitutionAddress": "Boulevard_Jean_Moulin_27_Marseille_District_FR_13005",
    "InstitutionName": "Universite_d_aix_Marseille",
    "InstitutionalDepartmentName": "Department",
    "InversionTime": 1,
    "MRAcquisitionType": "3D",
    "MagneticFieldStrength": 3,
    "Manufacturer": "Siemens",
    "ManufacturersModelName": "Prisma",
    "Modality": "MR",
    "PartialFourier": 1,
    "PatientPosition": "HFS",
    "PercentPhaseFOV": 100,
    "PhaseEncodingSteps": 192,
    "PhaseResolution": 1,
    "PixelBandwidth": 590,
    "ProcedureStepDescription": "PNH_Elouk_anat",
    "ProtocolName": "t1_mprage_sag",
    "PulseSequenceDetails": "%SiemensSeq%_tfl",
    "ReceiveCoilActiveElements": "L11",
    "ReceiveCoilName": "Loop_11",
    "ReconMatrixPE": 192,
    "RepetitionTime": 2.9,
    "SAR": 0.134212,
    "ScanOptions": "IR",
    "ScanningSequence": "GR_IR",
    "SequenceName": "_tfl3d1_16ns",
    "SequenceVariant": "SK_SP_MP",
    "SeriesDescription": "t1_mprage_sag",
    "SeriesNumber": 6,
    "ShimSetting": [
      -637,
      -11039,
      -1083,
      -882,
      134,
      -634,
      -1153,
      255
    ],
    "SliceThickness": 0.8,
    "SoftwareVersions": "syngo_MR_E11",
    "StationName": "AWP66072",
    "TxRefAmp": 239.965,
    "dataset": "ds000005",
    "modality": "T1w",
    "subject_id": "001"
  },
  "cjv": 0.4374389643246282,
  "cnr": 3.1123339926064886,
  "efc": 0.874621859799739,
  "fber": 193.09597778320312,
  "fwhm_avg": 4.175593333333333,
  "fwhm_x": 4.25266,
  "fwhm_y": 4.39958,
  "fwhm_z": 3.87454,
  "icvs_csf": 0.18385450579122958,
  "icvs_gm": 0.4596769439761491,
  "icvs_wm": 0.3564685502326213,
  "inu_med": 0.41166043281555176,
  "inu_range": 0.043761223554611206,
  "provenance": {
    "md5sum": "4007c335929205e66ad19daddcf0dbf6",
    "settings": {
      "testing": false
    },
    "software": "mriqc",
    "version": "0+untagged.2630.gf70c410.dirty",
    "warnings": {
      "large_rot_frame": true,
      "small_air_mask": true
    },
    "webapi_port": 443,
    "webapi_url": "https://mriqc.nimh.nih.gov/api/v1"
  },
  "qi_1": 0.0,
  "qi_2": 0.0025337784299126753,
  "rpve_csf": 64.99634311740498,
  "rpve_gm": 26.89854920219858,
  "rpve_wm": 36.37590012310307,
  "size_x": 256,
  "size_y": 256,
  "size_z": 256,
  "snr_csf": 2.141092691893538,
  "snr_gm": 13.308224540952484,
  "snr_total": 9.069411863913729,
  "snr_wm": 11.758918358895166,
  "snrd_csf": 10.132589550649845,
  "snrd_gm": 26.80948739235251,
  "snrd_total": 25.433925391898544,
  "snrd_wm": 39.35969923269327,
  "spacing_x": 0.5,
  "spacing_y": 0.5,
  "spacing_z": 0.5,
  "summary_bg_k": 14.669868268042556,
  "summary_bg_mad": 16.647365619363526,
  "summary_bg_mean": 42.35658645629883,
  "summary_bg_median": 38.494964599609375,
  "summary_bg_n": 25464.0,
  "summary_bg_p05": 14.816553449630737,
  "summary_bg_p95": 77.26477165222164,
  "summary_bg_stdv": 25.39228057861328,
  "summary_csf_k": -0.5873489965284553,
  "summary_csf_mad": 128.04198516981197,
  "summary_csf_mean": 273.08642578125,
  "summary_csf_median": 257.4745178222656,
  "summary_csf_n": 8621.0,
  "summary_csf_p05": 95.67726135253906,
  "summary_csf_p95": 482.2465515136719,
  "summary_csf_stdv": 120.24681854248047,
  "summary_gm_k": 0.2876993242757435,
  "summary_gm_mad": 50.37318399454586,
  "summary_gm_mean": 680.4934692382812,
  "summary_gm_median": 681.243408203125,
  "summary_gm_n": 19301.0,
  "summary_gm_p05": 596.062255859375,
  "summary_gm_p95": 762.6469116210938,
  "summary_gm_stdv": 51.18832778930664,
  "summary_wm_k": -0.13351647725559124,
  "summary_wm_mad": 89.12942310352693,
  "summary_wm_mean": 1004.1707153320312,
  "summary_wm_median": 1000.1510009765625,
  "summary_wm_n": 86284.0,
  "summary_wm_p05": 874.9811065673828,
  "summary_wm_p95": 1151.6460388183593,
  "summary_wm_stdv": 85.05418395996094,
  "tpm_overlap_csf": 0.23830457031726837,
  "tpm_overlap_gm": 0.48738744854927063,
  "tpm_overlap_wm": 0.5025704503059387,
  "wm2max": 0.5508892943944577
}